GEM
  remote: https://rubygems.org/
  specs:
    byebug (8.2.2)
    minitest (5.8.4)
    minitest-great_expectations (0.0.5)
    minitest-matchers (1.4.1)
      minitest (~> 5.0)
    minitest-spec-expect (2.0.0)
      minitest (~> 5.0)

PLATFORMS
  ruby

DEPENDENCIES
  byebug
  minitest
  minitest-great_expectations
  minitest-matchers
  minitest-spec-expect

BUNDLED WITH
   1.11.2
